GEM
  remote: https://rubygems.org/
  specs:
    icalendar (2.7.1)
      ice_cube (~> 0.16)
    ice_cube (0.16.4)
    mustermann (1.1.1)
      ruby2_keywords (~> 0.0.1)
    rack (2.2.3.1)
    rack-protection (2.2.0)
      rack
    ruby2_keywords (0.0.5)
    sinatra (2.2.0)
      mustermann (~> 1.0)
      rack (~> 2.2)
      rack-protection (= 2.2.0)
      tilt (~> 2.0)
    tilt (2.0.10)

PLATFORMS
  universal-darwin-21
  x86_64-linux

DEPENDENCIES
  icalendar
  sinatra

BUNDLED WITH
   2.3.16
